PATH
  remote: .
  specs:
    ldap_model (1.0.0)
      activemodel (>= 3.2, < 5.0)
      net-ldap

GEM
  remote: https://rubygems.org/
  specs:
    activemodel (4.2.8)
      activesupport (= 4.2.8)
      builder (~> 3.1)
    activesupport (4.2.8)
      i18n (~> 0.7)
      minitest (~> 5.1)
      thread_safe (~> 0.3, >= 0.3.4)
      tzinfo (~> 1.1)
    builder (3.2.3)
    i18n (0.8.4)
    minitest (5.10.2)
    net-ldap (0.15.0)
    thread_safe (0.3.6)
    tzinfo (1.2.3)
      thread_safe (~> 0.1)

PLATFORMS
  ruby

DEPENDENCIES
  ldap_model!

BUNDLED WITH
   1.13.6
